GEM
  remote: https://rubygems.org/
  specs:
    activesupport (3.2.17)
      i18n (~> 0.6, >= 0.6.4)
      multi_json (~> 1.0)
    assert2 (0.5.5)
    i18n (0.6.9)
    mail (2.2.5)
      activesupport (>= 2.3.6)
      mime-types
      treetop (>= 1.4.5)
    mime-types (1.25.1)
    multi_json (1.9.2)
    nokogiri (1.4.7)
    polyglot (0.3.4)
    rspec (1.3.0)
    treetop (1.5.3)
      polyglot (~> 0.3)

PLATFORMS
  ruby

DEPENDENCIES
  activesupport (~> 3.0)
  assert2 (= 0.5.5)
  mail (= 2.2.5)
  mime-types (~> 1.0)
  nokogiri (~> 1.4.2)
  rspec (= 1.3.0)
